PATH
  remote: .
  specs:
    matching_bundle (0.3.3)

GEM
  remote: https://rubygems.org/
  specs:
    ast (2.4.0)
    bump (0.8.0)
    jaro_winkler (1.5.2)
    maxitest (3.1.0)
      minitest (>= 5.0.0, < 5.12.0)
    metaclass (0.0.4)
    minitest (5.11.3)
    mocha (1.8.0)
      metaclass (~> 0.0.1)
    parallel (1.17.0)
    parser (2.6.3.0)
      ast (~> 2.4.0)
    rainbow (3.0.0)
    rake (12.3.2)
    rubocop (0.71.0)
      jaro_winkler (~> 1.5.1)
      parallel (~> 1.10)
      parser (>= 2.6)
      rainbow (>= 2.2.2, < 4.0)
      ruby-progressbar (~> 1.7)
      unicode-display_width (>= 1.4.0, < 1.7)
    ruby-progressbar (1.10.1)
    single_cov (1.3.2)
    unicode-display_width (1.6.0)

PLATFORMS
  ruby

DEPENDENCIES
  bump
  matching_bundle!
  maxitest
  mocha
  rake
  rubocop
  single_cov

BUNDLED WITH
   2.0.1
